GEM
  remote: http://rubygems.org/
  specs:
    ZenTest (4.5.0)
    active_support (3.0.0)
      activesupport (= 3.0.0)
    activesupport (3.0.0)
    archive-tar-minitar (0.5.2)
    autotest-fsevent (0.2.5)
      sys-uname
    autotest-growl (0.2.9)
    bouncy-castle-java (1.5.0146.1)
    bourne (1.0)
      mocha (= 0.9.8)
    builder (2.1.2)
    chronic (0.5.0)
    ci_reporter (1.6.5)
      builder (>= 2.1.2)
    columnize (0.3.4)
    crack (0.1.8)
    cucumber (0.10.2)
      builder (>= 2.1.2)
      diff-lcs (>= 1.1.2)
      gherkin (>= 2.3.5)
      json (>= 1.4.6)
      term-ansicolor (>= 1.0.5)
    curb (0.7.15)
    diff-lcs (1.1.2)
    flog (2.5.1)
      ruby_parser (~> 2.0)
      sexp_processor (~> 3.0)
    gherkin (2.3.6)
      json (>= 1.4.6)
    gherkin (2.3.6-java)
      json (>= 1.4.6)
    gherkin (2.3.6-x86-mingw32)
      json (>= 1.4.6)
    growl (1.0.3)
    guard (0.5.0)
      thor (~> 0.14.6)
    guard-rspec (0.4.0)
      guard (>= 0.4.0)
    haml (2.2.24)
    hanna (0.1.12)
      haml (~> 2.2.8)
      rake (~> 0.8.2)
      rdoc (~> 2.3.0)
    httparty (0.7.8)
      crack (= 0.1.8)
    jruby-openssl (0.7.4)
      bouncy-castle-java
    json (1.4.6)
    json (1.4.6-java)
    linecache (0.46)
      rbx-require-relative (> 0.0.4)
    linecache19 (0.5.12)
      ruby_core_source (>= 0.1.4)
    mocha (0.9.8)
      rake
    multipart-post (1.1.2)
    net-ssh (2.1.4)
    nokogiri (1.5.0)
    nokogiri (1.5.0-java)
    rake (0.8.7)
    rb-fsevent (0.4.1)
    rbx-require-relative (0.0.5)
    rcov (0.9.9)
    rcov (0.9.9-java)
    rdoc (2.3.0)
    rspec (2.5.0)
      rspec-core (~> 2.5.0)
      rspec-expectations (~> 2.5.0)
      rspec-mocks (~> 2.5.0)
    rspec-core (2.5.2)
    rspec-expectations (2.5.0)
      diff-lcs (~> 1.1.2)
    rspec-mocks (2.5.0)
    ruby-debug (0.10.4)
      columnize (>= 0.1)
      ruby-debug-base (~> 0.10.4.0)
    ruby-debug-base (0.10.4)
      linecache (>= 0.3)
    ruby-debug-base (0.10.4-java)
    ruby-debug-base19 (0.11.25)
      columnize (>= 0.3.1)
      linecache19 (>= 0.5.11)
      ruby_core_source (>= 0.1.4)
    ruby-debug19 (0.11.6)
      columnize (>= 0.3.1)
      linecache19 (>= 0.5.11)
      ruby-debug-base19 (>= 0.11.19)
    ruby-prof (0.10.8)
    ruby_core_source (0.1.5)
      archive-tar-minitar (>= 0.5.2)
    ruby_parser (2.0.6)
      sexp_processor (~> 3.0)
    sexp_processor (3.0.5)
    sys-uname (0.8.5)
    sys-uname (0.8.5-x86-mingw32)
    term-ansicolor (1.0.5)
    thor (0.14.6)
    tzinfo (0.3.31)
    uuidtools (2.1.2)
    yard (0.7.2)

PLATFORMS
  java
  ruby
  x86-mingw32

DEPENDENCIES
  ZenTest (~> 4.4)
  active_support
  autotest-fsevent (~> 0.2.4)
  autotest-growl (~> 0.2.9)
  bourne (= 1.0)
  chronic (~> 0.5)
  ci_reporter (~> 1.6)
  cucumber (~> 0.10.2)
  curb (~> 0.7)
  flog (~> 2.5)
  growl
  guard
  guard-rspec
  hanna (= 0.1.12)
  httparty (~> 0.7)
  jruby-openssl
  json (~> 1.4.6)
  mocha (= 0.9.8)
  multipart-post (~> 1.1.2)
  net-ssh (~> 2.1)
  nokogiri (>= 1.4.4)
  rb-fsevent
  rcov (= 0.9.9)
  rspec (= 2.5)
  ruby-debug
  ruby-debug19
  ruby-prof
  tzinfo
  uuidtools (~> 2.1)
  yard (~> 0.7.2)
