GEM
  remote: http://rubygems.org/
  specs:
    ZenTest (4.6.2)
    autotest-fsevent (0.2.7)
      sys-uname
    autotest-growl (0.2.16)
    bourne (1.0)
      mocha (= 0.9.8)
    builder (3.0.0)
    chronic (0.6.7)
    ci_reporter (1.7.0)
      builder (>= 2.1.2)
    columnize (0.3.6)
    cucumber (0.10.7)
      builder (>= 2.1.2)
      diff-lcs (>= 1.1.2)
      gherkin (~> 2.4.0)
      json (>= 1.4.6)
      term-ansicolor (>= 1.0.5)
    diff-lcs (1.1.3)
    ffi (1.0.11)
    flog (2.5.3)
      ruby_parser (~> 2.0)
      sexp_processor (~> 3.0)
    gherkin (2.4.21)
      json (>= 1.4.6)
    growl (1.0.3)
    guard (1.0.0)
      ffi (>= 0.5.0)
      thor (~> 0.14.6)
    guard-rspec (0.6.0)
      guard (>= 0.10.0)
    haml (2.2.24)
    hanna (0.1.12)
      haml (~> 2.2.8)
      rake (~> 0.8.2)
      rdoc (~> 2.3.0)
    httparty (0.8.1)
      multi_json
      multi_xml
    json (1.4.6)
    linecache (0.46)
      rbx-require-relative (> 0.0.4)
    mocha (0.9.8)
      rake
    multi_json (1.0.4)
    multi_xml (0.4.1)
    multipart-post (1.1.4)
    net-ssh (2.3.0)
    nokogiri (1.5.0)
    rake (0.8.7)
    rb-fsevent (0.9.0)
    rbx-require-relative (0.0.5)
    rcov (0.9.9)
    rdoc (2.3.0)
    rotp (1.3.2)
    rspec (2.5.0)
      rspec-core (~> 2.5.0)
      rspec-expectations (~> 2.5.0)
      rspec-mocks (~> 2.5.0)
    rspec-core (2.5.2)
    rspec-expectations (2.5.0)
      diff-lcs (~> 1.1.2)
    rspec-mocks (2.5.0)
    ruby-debug (0.10.4)
      columnize (>= 0.1)
      ruby-debug-base (~> 0.10.4.0)
    ruby-debug-base (0.10.4)
      linecache (>= 0.3)
    ruby-prof (0.10.8)
    ruby_parser (2.3.1)
      sexp_processor (~> 3.0)
    sexp_processor (3.0.10)
    sys-uname (0.9.0)
      ffi (>= 1.0.0)
    term-ansicolor (1.0.7)
    thor (0.14.6)
    uuidtools (2.1.2)
    yard (0.7.5)

PLATFORMS
  ruby

DEPENDENCIES
  ZenTest (~> 4.4)
  autotest-fsevent (~> 0.2.4)
  autotest-growl (~> 0.2.9)
  bourne (= 1.0)
  chronic (~> 0.5)
  ci_reporter (~> 1.6)
  cucumber (~> 0.10.2)
  flog (~> 2.5)
  growl
  guard
  guard-rspec
  hanna (= 0.1.12)
  httparty (~> 0.7)
  jruby-openssl
  json (~> 1.4.6)
  mocha (= 0.9.8)
  multipart-post (~> 1.1.2)
  net-ssh (~> 2.1)
  nokogiri (>= 1.4.4)
  rb-fsevent
  rcov (= 0.9.9)
  rotp (~> 1.3.0)
  rspec (= 2.5)
  ruby-debug
  ruby-prof
  uuidtools (~> 2.1)
  yard (~> 0.7.3)
